GEM
  remote: https://rubygems.org/
  specs:
    arethusa-client (0.1.17)
      nokogiri
      thor
    bundler-audit (0.9.1)
      bundler (>= 1.2.0, < 3)
      thor (~> 1.0)
    mini_portile2 (2.8.7)
    nokogiri (1.15.6)
      mini_portile2 (~> 2.8.2)
      racc (~> 1.4)
    racc (1.8.0)
    rake (13.2.1)
    thor (1.3.1)

PLATFORMS
  ruby

DEPENDENCIES
  arethusa-client
  bundler-audit
  nokogiri
  rake

RUBY VERSION
   ruby 2.7.0p0

BUNDLED WITH
   2.1.2
